GEM
  remote: http://rubygems.org/
  specs:
    RedCloth (4.2.3)
    diff-lcs (1.1.2)
    grit (2.2.0)
      diff-lcs (~> 1.1)
      mime-types (~> 1.15)
    mime-types (1.16)
    rack (1.2.1)
    rubypants (0.2.0)
    sinatra (1.0)
      rack (>= 1.0)

PLATFORMS
  ruby

DEPENDENCIES
  RedCloth
  grit
  rubypants
  sinatra
